GIT
  remote: git://github.com/evercam/faraday-digestauth.git
  revision: 15c79778043d45f931ab947964161f0e78a0a122
  specs:
    faraday-digestauth (0.1.1)
      faraday (>= 0.7)
      net-http-digest_auth (~> 1.4)

GIT
  remote: git://github.com/garrettheaver/mutations.git
  revision: 0b9ed69ff61934d9d6c26eb0061d4a576e39e144
  specs:
    mutations (0.6.0)
      activesupport

GIT
  remote: git://github.com/rails/activesupport-json_encoder.git
  revision: f02fb52c02609b3157e9288e1502dc6a4fe3b1fd
  specs:
    activesupport-json_encoder (1.1.0)
      activesupport (>= 4.1.0, < 5.0)

GIT
  remote: git://github.com/tobmatth/rack-ssl-enforcer.git
  revision: 4e5bdac7af35e1e91f3b62d373b2105236301043
  specs:
    rack-ssl-enforcer (0.2.8)

GEM
  remote: https://rubygems.org/
  specs:
    3scale_client (2.3.4)
      nokogiri
    activesupport (4.1.4)
      i18n (~> 0.6, >= 0.6.9)
      json (~> 1.7, >= 1.7.7)
      minitest (~> 5.1)
      thread_safe (~> 0.1)
      tzinfo (~> 1.1)
    addressable (2.3.6)
    airbrake (4.0.0)
      builder
      multi_json
    aws-sdk (1.50.0)
      json (~> 1.4)
      nokogiri (>= 1.4.4)
    axiom-types (0.1.1)
      descendants_tracker (~> 0.0.4)
      ice_nine (~> 0.11.0)
      thread_safe (~> 0.3, >= 0.3.1)
    backports (3.6.3)
    bcrypt (3.1.9)
    binding_of_caller (0.7.2)
      debug_inspector (>= 0.0.1)
    builder (3.2.2)
    byebug (3.5.1)
      columnize (~> 0.8)
      debugger-linecache (~> 1.2)
      slop (~> 3.6)
    celluloid (0.15.2)
      timers (~> 1.1.0)
    coderay (1.1.0)
    coercible (1.0.0)
      descendants_tracker (~> 0.0.1)
    columnize (0.8.9)
    connection_pool (2.0.0)
    crack (0.4.2)
      safe_yaml (~> 1.0.0)
    daemons (1.1.9)
    dalli (2.7.2)
    database_cleaner (1.3.0)
    debase (0.1.0)
      debase-ruby_core_source
    debase-ruby_core_source (0.7.1)
    debug_inspector (0.0.2)
    debugger-linecache (1.2.0)
    descendants_tracker (0.0.4)
      thread_safe (~> 0.3, >= 0.3.1)
    diff-lcs (1.2.5)
    docile (1.1.5)
    dotenv (0.11.1)
      dotenv-deployment (~> 0.0.2)
    dotenv-deployment (0.0.2)
    equalizer (0.0.9)
    ethon (0.7.1)
      ffi (>= 1.3.0)
    eventmachine (1.0.3)
    evercam_misc (0.0.9)
      3scale_client (~> 2.3)
      dotenv (~> 0.10)
    evercam_models (0.3.8)
      activesupport (~> 4.1)
      bcrypt (~> 3.1)
      dotenv (~> 0.10)
      evercam_misc (~> 0.0)
      geocoder (~> 1.2)
      georuby (~> 2.2)
      hashie (~> 3.1)
      nokogiri (~> 1.6)
      pg (~> 0.17)
      sequel (= 4.10)
      timezone (~> 0.3)
      typhoeus (~> 0.6)
    factory_girl (4.4.0)
      activesupport (>= 3.0.0)
    faraday (0.9.0)
      multipart-post (>= 1.2, < 3)
    ffi (1.9.3)
    formatador (0.2.5)
    geocoder (1.2.5)
    georuby (2.2.1)
    grape (0.8.0)
      activesupport
      builder
      hashie (>= 2.1.0)
      multi_json (>= 1.3.2)
      multi_xml (>= 0.5.2)
      rack (>= 1.3.0)
      rack-accept
      rack-mount
      virtus (>= 1.0.0)
    grape-entity (0.4.3)
      activesupport
      multi_json (>= 1.3.2)
    grape-swagger (0.7.2)
      grape (>= 0.2.0)
      grape-entity (>= 0.3.0)
      kramdown (>= 1.3.1)
    guard (2.6.1)
      formatador (>= 0.2.4)
      listen (~> 2.7)
      lumberjack (~> 1.0)
      pry (>= 0.9.12)
      thor (>= 0.18.1)
    guard-rack (1.4.0)
      ffi
      guard
      libnotify
      rb-inotify
      spoon
    guard-rspec (4.3.1)
      guard (~> 2.1)
      rspec (>= 2.14, < 4.0)
    hashie (3.2.0)
    i18n (0.6.11)
    ice_nine (0.11.0)
    interception (0.5)
    intercom (2.1.4)
      json
    json (1.8.1)
    kgio (2.9.2)
    kramdown (1.4.1)
    libnotify (0.8.3)
      ffi (>= 1.0.11)
    listen (2.7.9)
      celluloid (>= 0.15.2)
      rb-fsevent (>= 0.9.3)
      rb-inotify (>= 0.9)
    logjam (1.1.0)
      json
    lumberjack (1.0.9)
    mail (2.6.1)
      mime-types (>= 1.16, < 3)
    metaclass (0.0.4)
    method_source (0.8.2)
    mime-types (2.3)
    mini_magick (3.8.0)
      subexec (~> 0.2.1)
    mini_portile (0.6.0)
    minitest (5.4.0)
    mocha (1.1.0)
      metaclass (~> 0.0.1)
    multi_json (1.10.1)
    multi_xml (0.5.5)
    multipart-post (2.0.0)
    net-http-digest_auth (1.4)
    newrelic-grape (1.4.1)
      grape
      newrelic_rpm
    newrelic_rpm (3.9.1.236)
    nokogiri (1.6.3.1)
      mini_portile (= 0.6.0)
    pg (0.17.1)
    pony (1.10)
      mail (>= 2.0)
    pry (0.10.0)
      coderay (~> 1.1.0)
      method_source (~> 0.8.1)
      slop (~> 3.4)
    pry-byebug (2.0.0)
      byebug (~> 3.4)
      pry (~> 0.10)
    pry-rescue (1.4.1)
      interception (>= 0.5)
      pry
    pry-stack_explorer (0.4.9.1)
      binding_of_caller (>= 0.7)
      pry (>= 0.9.11)
    rack (1.5.2)
    rack-accept (0.4.5)
      rack (>= 0.4)
    rack-cors (0.2.9)
    rack-mount (0.8.3)
      rack (>= 1.0.0)
    rack-protection (1.5.3)
      rack
    rack-rewrite (1.5.0)
    rack-test (0.6.2)
      rack (>= 1.0)
    racksh (1.0.0)
      rack (>= 1.0)
      rack-test (>= 0.5)
    raindrops (0.13.0)
    rake (10.3.2)
    rb-fsevent (0.9.4)
    rb-inotify (0.9.5)
      ffi (>= 0.5.0)
    redis (3.1.0)
    redis-namespace (1.5.1)
      redis (~> 3.0, >= 3.0.4)
    rerun (0.10.0)
      listen (~> 2.7, >= 2.7.3)
    rspec (2.14.1)
      rspec-core (~> 2.14.0)
      rspec-expectations (~> 2.14.0)
      rspec-mocks (~> 2.14.0)
    rspec-core (2.14.8)
    rspec-expectations (2.14.5)
      diff-lcs (>= 1.1.3, < 2.0)
    rspec-mocks (2.14.6)
    ruby-debug-ide (0.4.22)
      rake (>= 0.8.1)
    safe_yaml (1.0.3)
    sequel (4.10.0)
    shotgun (0.9)
      rack (>= 1.0)
    sidekiq (3.2.1)
      celluloid (>= 0.15.2)
      connection_pool (>= 2.0.0)
      json
      redis (>= 3.0.6)
      redis-namespace (>= 1.3.1)
    simplecov (0.9.0)
      docile (~> 1.1.0)
      multi_json
      simplecov-html (~> 0.8.0)
    simplecov-html (0.8.0)
    sinatra (1.4.5)
      rack (~> 1.4)
      rack-protection (~> 1.4)
      tilt (~> 1.3, >= 1.3.4)
    sinatra-contrib (1.4.2)
      backports (>= 2.0)
      multi_json
      rack-protection
      rack-test
      sinatra (~> 1.4.0)
      tilt (~> 1.3)
    sinatra-flash (0.3.0)
      sinatra (>= 1.0.0)
    sinatra-partial (0.4.0)
      sinatra
    slop (3.6.0)
    spoon (0.0.4)
      ffi
    sqlite3 (1.3.9)
    stringex (2.5.2)
    subexec (0.2.3)
    thin (1.6.2)
      daemons (>= 1.0.9)
      eventmachine (>= 1.0.0)
      rack (>= 1.0.0)
    thor (0.19.1)
    thread_safe (0.3.4)
    tilt (1.4.1)
    timers (1.1.0)
    timezone (0.3.2)
    typhoeus (0.6.9)
      ethon (>= 0.7.1)
    tzinfo (1.2.2)
      thread_safe (~> 0.1)
    unicorn (4.8.3)
      kgio (~> 2.6)
      rack
      raindrops (~> 0.7)
    virtus (1.0.3)
      axiom-types (~> 0.1)
      coercible (~> 1.0)
      descendants_tracker (~> 0.0, >= 0.0.3)
      equalizer (~> 0.0, >= 0.0.9)
    webmock (1.17.4)
      addressable (>= 2.2.7)
      crack (>= 0.3.2)

PLATFORMS
  ruby

DEPENDENCIES
  activesupport-json_encoder!
  airbrake
  aws-sdk
  dalli
  database_cleaner
  debase
  evercam_misc (~> 0.0)
  evercam_models (~> 0.3.8)
  factory_girl
  faraday-digestauth (~> 0.1.0)!
  grape
  grape-entity
  grape-swagger (= 0.7.2)
  guard-rack
  guard-rspec
  intercom (~> 2.1.1)
  json
  kgio
  logjam
  mini_magick
  minitest
  mocha
  mutations!
  newrelic-grape
  newrelic_rpm
  nokogiri
  pony
  pry-byebug
  pry-rescue
  pry-stack_explorer
  rack
  rack-cors
  rack-rewrite
  rack-ssl-enforcer!
  rack-test
  racksh
  rake
  rerun
  rspec (= 2.14.1)
  ruby-debug-ide
  shotgun
  sidekiq
  simplecov
  sinatra
  sinatra-contrib
  sinatra-flash
  sinatra-partial
  sqlite3
  stringex
  thin
  unicorn
  webmock (~> 1.17.0)
