GIT
  remote: git://github.com/garrettheaver/mutations.git
  revision: 0b9ed69ff61934d9d6c26eb0061d4a576e39e144
  specs:
    mutations (0.6.0)
      activesupport

GIT
  remote: git://github.com/tim-vandecasteele/grape-swagger.git
  revision: ef40b7892b2a4e0fe4fc7c6618499a14daace1de
  specs:
    grape-swagger (0.7.2)
      grape (>= 0.2.0)
      grape-entity (>= 0.3.0)
      kramdown (>= 1.3.1)

GIT
  remote: git://github.com/tobmatth/rack-ssl-enforcer.git
  revision: 2c9daa73e8904f8ca36c45f73e57002237b59ded
  specs:
    rack-ssl-enforcer (0.2.6)

GEM
  remote: https://rubygems.org/
  specs:
    3scale_client (2.3.4)
      nokogiri
    activesupport (4.0.3)
      i18n (~> 0.6, >= 0.6.4)
      minitest (~> 4.2)
      multi_json (~> 1.3)
      thread_safe (~> 0.1)
      tzinfo (~> 0.3.37)
    addressable (2.3.5)
    atomic (1.1.15)
    aws-sdk (1.38.0)
      json (~> 1.4)
      nokogiri (>= 1.4.4)
      uuidtools (~> 2.1)
    axiom-types (0.0.5)
      descendants_tracker (~> 0.0.1)
      ice_nine (~> 0.9)
    backports (3.6.0)
    bcrypt (3.1.7)
    builder (3.2.2)
    celluloid (0.15.2)
      timers (~> 1.1.0)
    celluloid-io (0.15.0)
      celluloid (>= 0.15.0)
      nio4r (>= 0.5.0)
    coderay (1.1.0)
    coercible (1.0.0)
      descendants_tracker (~> 0.0.1)
    connection_pool (2.0.0)
    crack (0.4.2)
      safe_yaml (~> 1.0.0)
    daemons (1.1.9)
    database_cleaner (1.2.0)
    descendants_tracker (0.0.3)
    diff-lcs (1.2.5)
    docile (1.1.3)
    dotenv (0.10.0)
    equalizer (0.0.9)
    ethon (0.7.0)
      ffi (>= 1.3.0)
    eventmachine (1.0.3)
    eventmachine (1.0.3-x86-mingw32)
    evercam_actors (0.0.1)
      3scale_client (~> 2.3)
      activesupport (~> 4.0)
      evercam_misc (~> 0.0)
      evercam_models (~> 0.0)
      evercam_sidekiq (~> 0.0)
      faraday (~> 0.9)
      logjam (~> 1.1)
      mutations (~> 0.6)
      pony (~> 1.8)
      sequel (~> 4.9)
      sidekiq (~> 2.17)
    evercam_misc (0.0.1)
      3scale_client (~> 2.3)
      dotenv (~> 0.10)
      sidekiq (~> 2.17)
    evercam_models (0.0.1)
      bcrypt (~> 3.1)
      dotenv (~> 0.10)
      evercam_misc (~> 0.0)
      georuby (~> 2.2)
      nokogiri (~> 1.6)
      pg (~> 0.17)
      sequel (~> 4.9)
      simplecov (~> 0.8)
      timezone (~> 0.3)
      typhoeus (~> 0.6)
    evercam_sidekiq (0.0.1)
      aws-sdk (~> 1.38)
      evercam_misc (~> 0.0)
      evercam_models (~> 0.0)
      sidekiq (~> 2.17)
    factory_girl (4.4.0)
      activesupport (>= 3.0.0)
    faraday (0.9.0)
      multipart-post (>= 1.2, < 3)
    ffi (1.9.3)
    ffi (1.9.3-x86-mingw32)
    formatador (0.2.4)
    georuby (2.2.1)
    grape (0.6.1)
      activesupport
      builder
      hashie (>= 1.2.0)
      multi_json (>= 1.3.2)
      multi_xml (>= 0.5.2)
      rack (>= 1.3.0)
      rack-accept
      rack-mount
      virtus (>= 1.0.0)
    grape-entity (0.4.1)
      activesupport
      multi_json (>= 1.3.2)
    guard (2.5.1)
      formatador (>= 0.2.4)
      listen (~> 2.6)
      lumberjack (~> 1.0)
      pry (>= 0.9.12)
      thor (>= 0.18.1)
    guard-rspec (4.2.8)
      guard (~> 2.1)
      rspec (>= 2.14, < 4.0)
    hashie (2.0.5)
    i18n (0.6.9)
    ice_nine (0.11.0)
    intercom (0.2.3)
      json
    json (1.8.1)
    kramdown (1.3.2)
    listen (2.7.0)
      celluloid (>= 0.15.2)
      celluloid-io (>= 0.15.0)
      rb-fsevent (>= 0.9.3)
      rb-inotify (>= 0.9)
    logjam (1.1.0)
      json
    lumberjack (1.0.4)
    mail (2.5.4)
      mime-types (~> 1.16)
      treetop (~> 1.4.8)
    metaclass (0.0.4)
    method_source (0.8.2)
    mime-types (1.25.1)
    mini_portile (0.5.2)
    minitest (4.7.5)
    mocha (1.0.0)
      metaclass (~> 0.0.1)
    multi_json (1.9.0)
    multi_xml (0.5.5)
    multipart-post (2.0.0)
    newrelic-grape (1.3.1)
      grape
      newrelic_rpm
    newrelic_rpm (3.7.3.199)
    nio4r (1.0.0)
    nokogiri (1.6.1)
      mini_portile (~> 0.5.0)
    nokogiri (1.6.1-x86-mingw32)
      mini_portile (~> 0.5.0)
    pg (0.17.1)
    polyglot (0.3.4)
    pony (1.8)
      mail (>= 2.0)
    pry (0.9.12.6)
      coderay (~> 1.0)
      method_source (~> 0.8)
      slop (~> 3.4)
    pry (0.9.12.6-x86-mingw32)
      coderay (~> 1.0)
      method_source (~> 0.8)
      slop (~> 3.4)
      win32console (~> 1.3)
    puma (2.8.1)
      rack (>= 1.1, < 2.0)
    rack (1.5.2)
    rack-accept (0.4.5)
      rack (>= 0.4)
    rack-cors (0.2.9)
    rack-mount (0.8.3)
      rack (>= 1.0.0)
    rack-protection (1.5.2)
      rack
    rack-rewrite (1.5.0)
    rack-test (0.6.2)
      rack (>= 1.0)
    rake (10.1.1)
    rb-fsevent (0.9.4)
    rb-inotify (0.9.3)
      ffi (>= 0.5.0)
    redis (3.0.7)
    redis-namespace (1.4.1)
      redis (~> 3.0.4)
    rspec (2.14.1)
      rspec-core (~> 2.14.0)
      rspec-expectations (~> 2.14.0)
      rspec-mocks (~> 2.14.0)
    rspec-core (2.14.8)
    rspec-expectations (2.14.5)
      diff-lcs (>= 1.1.3, < 2.0)
    rspec-mocks (2.14.6)
    safe_yaml (1.0.1)
    sequel (4.9.0)
    shotgun (0.9)
      rack (>= 1.0)
    sidekiq (2.17.7)
      celluloid (>= 0.15.2)
      connection_pool (>= 1.0.0)
      json
      redis (>= 3.0.6)
      redis-namespace (>= 1.3.1)
    simplecov (0.8.2)
      docile (~> 1.1.0)
      multi_json
      simplecov-html (~> 0.8.0)
    simplecov-html (0.8.0)
    sinatra (1.4.4)
      rack (~> 1.4)
      rack-protection (~> 1.4)
      tilt (~> 1.3, >= 1.3.4)
    sinatra-contrib (1.4.2)
      backports (>= 2.0)
      multi_json
      rack-protection
      rack-test
      sinatra (~> 1.4.0)
      tilt (~> 1.3)
    sinatra-flash (0.3.0)
      sinatra (>= 1.0.0)
    sinatra-jsonp (0.4.3)
      multi_json (~> 1.8)
      sinatra (~> 1.0)
    sinatra-partial (0.4.0)
      sinatra
    sinatra-redirect-with-flash (0.2.1)
      sinatra (>= 1.0.0)
    slop (3.4.7)
    sqlite3 (1.3.9)
    sqlite3 (1.3.9-x86-mingw32)
    thin (1.6.2)
      daemons (>= 1.0.9)
      eventmachine (>= 1.0.0)
      rack (>= 1.0.0)
    thor (0.18.1)
    thread_safe (0.2.0)
      atomic (>= 1.1.7, < 2)
    tilt (1.4.1)
    timers (1.1.0)
    timezone (0.3.1)
    treetop (1.4.15)
      polyglot
      polyglot (>= 0.3.1)
    typhoeus (0.6.8)
      ethon (>= 0.7.0)
    tzinfo (0.3.38)
    uuidtools (2.1.4)
    vcr (2.8.0)
    virtus (1.0.1)
      axiom-types (~> 0.0.5)
      coercible (~> 1.0)
      descendants_tracker (~> 0.0.1)
      equalizer (~> 0.0.7)
    webmock (1.15.2)
      addressable (>= 2.2.7)
      crack (>= 0.3.2)
    win32console (1.3.2-x86-mingw32)

PLATFORMS
  ruby
  x86-mingw32

DEPENDENCIES
  database_cleaner
  evercam_actors (~> 0.0)
  evercam_misc (~> 0.0)
  evercam_models (~> 0.0)
  evercam_sidekiq (~> 0.0)
  factory_girl
  grape
  grape-entity
  grape-swagger (= 0.7.2)!
  guard-rspec
  intercom
  json
  logjam
  mocha
  mutations!
  newrelic-grape
  newrelic_rpm
  nokogiri
  puma
  rack
  rack-cors
  rack-rewrite
  rack-ssl-enforcer!
  rack-test
  rake
  rspec
  shotgun
  simplecov
  sinatra
  sinatra-contrib
  sinatra-flash
  sinatra-jsonp
  sinatra-partial
  sinatra-redirect-with-flash
  sqlite3
  thin
  vcr
  webmock (= 1.15.2)
